GIT
  remote: https://github.com/zdavatz/ruby-dbi
  revision: ce41c14531235005dfcb671895b4f26b74b1ca4d
  specs:
    dbi (0.4.6)
      deprecated (= 2.0.1)

GEM
  remote: https://rubygems.org/
  specs:
    activesupport (6.1.7.10)
      concurrent-ruby (~> 1.0, >= 1.0.2)
      i18n (>= 1.6, < 2)
      minitest (>= 5.1)
      tzinfo (~> 2.0)
      zeitwerk (~> 2.3)
    addressable (2.8.7)
      public_suffix (>= 2.0.2, < 7.0)
    akami (1.3.1)
      gyoku (>= 0.4.0)
      nokogiri
    ast (2.4.3)
    base64 (0.2.0)
    bigdecimal (3.2.2)
    builder (3.2.4)
    cgi (0.5.0)
    chrono_logger (1.1.2)
    clogger (2.3.1)
      rack (>= 1.0, < 3.0)
    cmath (1.0.0)
    concurrent-ruby (1.2.2)
    connection_pool (2.5.3)
    crack (0.4.5)
      rexml
    csv (3.3.5)
    data_magic (1.2)
      faker (>= 1.1.2)
      yml_reader (>= 0.6)
    date (3.4.1)
    debug (1.11.0)
      irb (~> 1.10)
      reline (>= 0.3.8)
    deprecated (2.0.1)
    diff-lcs (1.6.2)
    digest (3.2.0)
    docile (1.4.0)
    domain_name (0.6.20240107)
    drb (2.2.3)
    erb (4.0.4)
      cgi (>= 0.3.3)
    faker (2.19.0)
      i18n (>= 1.6, < 2)
    flexmock (3.0.2)
    flickraw (0.9.10)
    getoptlong (0.2.1)
    gyoku (1.3.1)
      builder (>= 2.1.2)
    hashdiff (1.0.1)
    headless (3.0.0)
    highline (2.0.3)
    hpricot (0.8.6)
    htmlbeautifier (1.4.3)
    htmlentities (4.3.4)
    htmlgrid (1.2.2)
      sbsm (>= 1.2.7)
    http-cookie (1.0.8)
      domain_name (~> 0.5)
    httpi (2.5.0)
      rack
      socksify
    i18n (1.8.11)
      concurrent-ruby (~> 1.0)
    io-console (0.8.1)
    irb (1.15.2)
      pp (>= 0.6.0)
      rdoc (>= 4.0.0)
      reline (>= 0.4.2)
    json (2.13.2)
    language_server-protocol (3.17.0.5)
    lint_roller (1.1.0)
    logger (1.7.0)
    mail (2.7.1)
      mini_mime (>= 0.1.1)
    mechanize (2.14.0)
      addressable (~> 2.8)
      base64
      domain_name (~> 0.5, >= 0.5.20190701)
      http-cookie (~> 1.0, >= 1.0.3)
      mime-types (~> 3.3)
      net-http-digest_auth (~> 1.4, >= 1.4.1)
      net-http-persistent (>= 2.5.2, < 5.0.dev)
      nkf
      nokogiri (~> 1.11, >= 1.11.2)
      rubyntlm (~> 0.6, >= 0.6.3)
      webrick (~> 1.7)
      webrobots (~> 0.1.2)
    mime-types (3.7.0)
      logger
      mime-types-data (~> 3.2025, >= 3.2025.0507)
    mime-types-data (3.2025.0826)
    mimemagic (0.4.3)
      nokogiri (~> 1)
      rake
    mini_mime (1.1.2)
    mini_portile2 (2.8.9)
    minitar (0.9)
    minitest (5.25.5)
    minitest-hooks (1.5.2)
      minitest (> 5.3)
    minitest-should_syntax (1.0.2)
      minitest
    minitest-spec-expect (2.0.0)
      minitest (~> 5.0)
    money (6.16.0)
      i18n (>= 0.6.4, <= 2)
    multi_json (1.15.0)
    mutex_m (0.3.0)
    needle (1.3.0)
    net-http-digest_auth (1.4.1)
    net-http-persistent (4.0.6)
      connection_pool (~> 2.2, >= 2.2.4)
    net-imap (0.5.10)
      date
      net-protocol
    net-pop (0.1.1)
      digest
      net-protocol
      timeout
    net-protocol (0.2.2)
      timeout
    net-smtp (0.3.1)
      digest
      net-protocol
      timeout
    nkf (0.2.0)
    nokogiri (1.18.9)
      mini_portile2 (~> 2.8.2)
      racc (~> 1.4)
    nori (2.6.0)
    observer (0.1.2)
    odba (1.1.9)
    oddb2tdat (1.1.2)
    optimist (3.0.1)
    ostruct (0.6.3)
    ox (2.14.12)
    page-object (2.3.1)
      page_navigation (>= 0.10)
      watir (>= 6.10.3)
    page_navigation (0.10)
      data_magic (>= 0.22)
    parallel (1.27.0)
    parser (3.3.9.0)
      ast (~> 2.4.1)
      racc
    parslet (2.0.0)
    paypal (2.0.0)
      money (> 0.0.0)
    pg (1.4.5)
    pkg-config (1.6.2)
    pp (0.6.2)
      prettyprint
    prettyprint (0.2.0)
    prism (1.4.0)
    psych (5.2.6)
      date
      stringio
    public_suffix (6.0.2)
    racc (1.8.1)
    rack (2.2.19)
    rack-test (1.1.0)
      rack (>= 1.0, < 3)
    rackup (0.1.0)
      rack
      webrick
    rainbow (3.1.1)
    rake (13.0.6)
    rbs (2.0.0)
    rclconf (1.0.0)
    rdoc (6.14.2)
      erb
      psych (>= 4.0.0)
    regexp_parser (2.11.2)
    reline (0.6.2)
      io-console (~> 0.5)
    rexml (3.4.4)
    rmagick (6.1.3)
      observer (~> 0.1)
      pkg-config (~> 1.4)
    rspec (3.13.1)
      rspec-core (~> 3.13.0)
      rspec-expectations (~> 3.13.0)
      rspec-mocks (~> 3.13.0)
    rspec-core (3.13.5)
      rspec-support (~> 3.13.0)
    rspec-expectations (3.13.5)
      diff-lcs (>= 1.2.0, < 2.0)
      rspec-support (~> 3.13.0)
    rspec-mocks (3.13.5)
      diff-lcs (>= 1.2.0, < 2.0)
      rspec-support (~> 3.13.0)
    rspec-support (3.13.6)
    rss (0.2.9)
      rexml
    rubocop (1.75.8)
      json (~> 2.3)
      language_server-protocol (~> 3.17.0.2)
      lint_roller (~> 1.1.0)
      parallel (~> 1.10)
      parser (>= 3.3.0.2)
      rainbow (>= 2.2.2, < 4.0)
      regexp_parser (>= 2.9.3, < 3.0)
      rubocop-ast (>= 1.44.0, < 2.0)
      ruby-progressbar (~> 1.7)
      unicode-display_width (>= 2.4.0, < 4.0)
    rubocop-ast (1.46.0)
      parser (>= 3.3.7.2)
      prism (~> 1.4)
    rubocop-performance (1.25.0)
      lint_roller (~> 1.1)
      rubocop (>= 1.75.0, < 2.0)
      rubocop-ast (>= 1.38.0, < 2.0)
    ruby-ole (1.2.12.2)
    ruby-progressbar (1.13.0)
    ruby-units (4.1.0)
    rubyXL (3.4.25)
      nokogiri (>= 1.10.8)
      rubyzip (>= 1.3.0)
    rubyntlm (0.6.5)
      base64
    rubyzip (2.4.1)
    savon (2.12.1)
      akami (~> 1.2)
      builder (>= 2.1.2)
      gyoku (~> 1.2)
      httpi (~> 2.3)
      nokogiri (>= 1.8.1)
      nori (~> 2.4)
      wasabi (~> 3.4)
    sax-machine (1.3.2)
    sbsm (1.6.1)
      chrono_logger
      hpricot
      mail
      mimemagic
      rack
    selenium-webdriver (4.18.1)
      base64 (~> 0.2)
      rexml (~> 3.2, >= 3.2.5)
      rubyzip (>= 1.2.2, < 3.0)
      websocket (~> 1.0)
    simple_xlsx_reader (5.1.0)
      nokogiri
      rubyzip
    simplecov (0.21.2)
      docile (~> 1.1)
      simplecov-html (~> 0.11)
      simplecov_json_formatter (~> 0.1)
    simplecov-html (0.12.3)
    simplecov_json_formatter (0.1.3)
    socksify (1.7.1)
    spreadsheet (1.3.0)
      ruby-ole
    standard (1.50.0)
      language_server-protocol (~> 3.17.0.2)
      lint_roller (~> 1.0)
      rubocop (~> 1.75.5)
      standard-custom (~> 1.0.0)
      standard-performance (~> 1.8)
    standard-custom (1.0.2)
      lint_roller (~> 1.0)
      rubocop (~> 1.50)
    standard-performance (1.8.0)
      lint_roller (~> 1.1)
      rubocop-performance (~> 1.25.0)
    stringio (3.1.7)
    swissmedic-diff (0.3.0)
      logger
      nokogiri
      ostruct
      rubyzip
      simple_xlsx_reader
    timeout (0.4.3)
    travis-lint (2.0.0)
      json
    typeprof (0.21.2)
      rbs (>= 1.8.1)
    tzinfo (2.0.6)
      concurrent-ruby (~> 1.0)
    unicode-display_width (3.1.5)
      unicode-emoji (~> 4.0, >= 4.0.4)
    unicode-emoji (4.0.4)
    vcr (6.3.1)
      base64
    wasabi (3.6.1)
      addressable
      httpi (~> 2.0)
      nokogiri (>= 1.4.2)
    watir (7.3.0)
      regexp_parser (>= 1.2, < 3)
      selenium-webdriver (~> 4.2)
    webmock (3.14.0)
      addressable (>= 2.8.0)
      crack (>= 0.3.2)
      hashdiff (>= 0.4.0, < 2.0.0)
    webrick (1.9.1)
    webrobots (0.1.2)
    websocket (1.2.10)
    xsv (1.3.2)
      rubyzip (>= 1.3, < 3)
    ydbd-pg (0.5.9)
      pg
      ydbi (= 0.5.9)
    ydbi (0.5.9)
      deprecated (= 2.0.1)
    ydiffy (0.0.5)
    ydocx (1.2.6)
    yml_reader (0.7)
    yus (1.0.6)
      deprecated (= 2.0.1)
      highline
      needle
      odba (>= 1.1.6)
      rclconf
    zeitwerk (2.6.18)

PLATFORMS
  ruby

DEPENDENCIES
  activesupport
  bigdecimal
  builder
  chrono_logger
  clogger
  cmath
  csv
  dbi!
  debug
  deprecated
  diff-lcs
  drb
  flexmock
  flickraw
  getoptlong
  headless
  hpricot
  htmlbeautifier
  htmlentities
  htmlgrid (= 1.2.2)
  httpi
  i18n
  json
  logger
  mail
  mechanize
  mime-types
  minitar
  minitest
  minitest-hooks
  minitest-should_syntax
  minitest-spec-expect
  money
  multi_json
  mutex_m
  needle
  net-http-digest_auth
  net-http-persistent
  net-imap
  net-pop
  net-smtp
  nkf
  observer
  odba (= 1.1.9)
  oddb2tdat
  optimist
  ox
  page-object
  parslet
  paypal
  pg
  racc
  rack
  rack-test
  rackup
  rake
  rbs
  rclconf
  rmagick
  rspec
  rspec-core
  rss
  ruby-units
  rubyXL
  rubyntlm
  rubyzip
  savon
  sax-machine
  sbsm (= 1.6.1)
  simple_xlsx_reader
  simplecov
  spreadsheet
  standard
  swissmedic-diff (>= 0.3.0)
  travis-lint
  typeprof
  vcr
  watir
  webmock
  webrick
  webrobots
  xsv
  ydbd-pg (= 0.5.9)
  ydbi (= 0.5.9)
  ydiffy
  ydocx
  yus (= 1.0.6)

BUNDLED WITH
   2.5.22
