GIT
  remote: https://github.com/zdavatz/ruby-dbi
  revision: ce41c14531235005dfcb671895b4f26b74b1ca4d
  specs:
    dbi (0.4.6)
      deprecated (= 2.0.1)

GEM
  remote: https://rubygems.org/
  specs:
    activesupport (7.0.7.1)
      concurrent-ruby (~> 1.0, >= 1.0.2)
      i18n (>= 1.6, < 2)
      minitest (>= 5.1)
      tzinfo (~> 2.0)
    addressable (2.8.0)
      public_suffix (>= 2.0.2, < 5.0)
    akami (1.3.1)
      gyoku (>= 0.4.0)
      nokogiri
    ast (2.4.2)
    base64 (0.2.0)
    bigdecimal (3.1.1)
    builder (3.2.4)
    chrono_logger (1.1.2)
    clogger (2.3.1)
      rack (>= 1.0, < 3.0)
    cmath (1.0.0)
    concurrent-ruby (1.2.2)
    connection_pool (2.2.5)
    crack (0.4.5)
      rexml
    data_magic (1.2)
      faker (>= 1.1.2)
      yml_reader (>= 0.6)
    debug (1.9.1)
      irb (~> 1.10)
      reline (>= 0.3.8)
    deprecated (2.0.1)
    diff-lcs (1.5.0)
    digest (3.1.1)
    docile (1.4.0)
    domain_name (0.5.20190701)
      unf (>= 0.0.5, < 1.0.0)
    faker (2.19.0)
      i18n (>= 1.6, < 2)
    flexmock (2.3.6)
    flickraw (0.9.10)
    gruff (0.8.0)
      rmagick
    gyoku (1.3.1)
      builder (>= 2.1.2)
    hashdiff (1.0.1)
    highline (2.0.3)
    hpricot (0.8.6)
    htmlentities (4.3.4)
    htmlgrid (1.2.2)
      sbsm (>= 1.2.7)
    http-cookie (1.0.5)
      domain_name (~> 0.5)
    httpi (2.5.0)
      rack
      socksify
    i18n (1.8.11)
      concurrent-ruby (~> 1.0)
    io-console (0.7.2)
    io-wait (0.2.1)
    irb (1.11.2)
      rdoc
      reline (>= 0.4.2)
    json (2.6.1)
    mail (2.7.1)
      mini_mime (>= 0.1.1)
    mechanize (2.8.5)
      addressable (~> 2.8)
      domain_name (~> 0.5, >= 0.5.20190701)
      http-cookie (~> 1.0, >= 1.0.3)
      mime-types (~> 3.0)
      net-http-digest_auth (~> 1.4, >= 1.4.1)
      net-http-persistent (>= 2.5.2, < 5.0.dev)
      nokogiri (~> 1.11, >= 1.11.2)
      rubyntlm (~> 0.6, >= 0.6.3)
      webrick (~> 1.7)
      webrobots (~> 0.1.2)
    mime-types (3.4.1)
      mime-types-data (~> 3.2015)
    mime-types-data (3.2022.0105)
    mimemagic (0.4.3)
      nokogiri (~> 1)
      rake
    mini_mime (1.1.2)
    mini_portile2 (2.8.8)
    minitar (0.9)
    minitest (5.15.0)
    minitest-should_syntax (1.0.2)
      minitest
    minitest-spec-expect (2.0.0)
      minitest (~> 5.0)
    money (6.16.0)
      i18n (>= 0.6.4, <= 2)
    multi_json (1.15.0)
    needle (1.3.0)
    net-http-digest_auth (1.4.1)
    net-http-persistent (4.0.1)
      connection_pool (~> 2.2)
    net-imap (0.2.3)
      digest
      net-protocol
      strscan
    net-pop (0.1.1)
      digest
      net-protocol
      timeout
    net-protocol (0.1.2)
      io-wait
      timeout
    net-smtp (0.3.1)
      digest
      net-protocol
      timeout
    nokogiri (1.18.8)
      mini_portile2 (~> 2.8.2)
      racc (~> 1.4)
    nori (2.6.0)
    odba (1.1.8)
    oddb2tdat (1.1.2)
    optimist (3.0.1)
    ox (2.14.12)
    page-object (2.3.1)
      page_navigation (>= 0.10)
      watir (>= 6.10.3)
    page_navigation (0.10)
      data_magic (>= 0.22)
    parallel (1.21.0)
    parser (3.1.0.0)
      ast (~> 2.4.1)
    parslet (2.0.0)
    paypal (2.0.0)
      money (> 0.0.0)
    pg (1.4.5)
    psych (5.1.2)
      stringio
    public_suffix (4.0.7)
    racc (1.8.1)
    rack (2.2.13)
    rack-test (1.1.0)
      rack (>= 1.0, < 3)
    rackup (0.1.0)
      rack
      webrick
    rainbow (3.1.1)
    rake (13.0.6)
    rbs (2.0.0)
    rclconf (1.0.0)
    rdoc (6.6.3.1)
      psych (>= 4.0.0)
    regexp_parser (2.9.0)
    reline (0.4.3)
      io-console (~> 0.5)
    rexml (3.3.9)
    rmagick (4.2.4)
    rspec (3.10.0)
      rspec-core (~> 3.10.0)
      rspec-expectations (~> 3.10.0)
      rspec-mocks (~> 3.10.0)
    rspec-core (3.10.1)
      rspec-support (~> 3.10.0)
    rspec-expectations (3.10.1)
      diff-lcs (>= 1.2.0, < 2.0)
      rspec-support (~> 3.10.0)
    rspec-mocks (3.10.2)
      diff-lcs (>= 1.2.0, < 2.0)
      rspec-support (~> 3.10.0)
    rspec-support (3.10.3)
    rss (0.2.9)
      rexml
    rubocop (1.24.1)
      parallel (~> 1.10)
      parser (>= 3.0.0.0)
      rainbow (>= 2.2.2, < 4.0)
      regexp_parser (>= 1.8, < 3.0)
      rexml
      rubocop-ast (>= 1.15.1, < 2.0)
      ruby-progressbar (~> 1.7)
      unicode-display_width (>= 1.4.0, < 3.0)
    rubocop-ast (1.15.1)
      parser (>= 3.0.1.1)
    rubocop-performance (1.13.1)
      rubocop (>= 1.7.0, < 2.0)
      rubocop-ast (>= 0.4.0)
    ruby-ole (1.2.12.2)
    ruby-progressbar (1.11.0)
    ruby-units (2.3.2)
    rubyXL (3.4.25)
      nokogiri (>= 1.10.8)
      rubyzip (>= 1.3.0)
    rubyntlm (0.6.3)
    rubyzip (2.3.2)
    savon (2.12.1)
      akami (~> 1.2)
      builder (>= 2.1.2)
      gyoku (~> 1.2)
      httpi (~> 2.3)
      nokogiri (>= 1.8.1)
      nori (~> 2.4)
      wasabi (~> 3.4)
    sax-machine (1.3.2)
    sbsm (1.6.1)
      chrono_logger
      hpricot
      mail
      mimemagic
      rack
    selenium-webdriver (4.18.1)
      base64 (~> 0.2)
      rexml (~> 3.2, >= 3.2.5)
      rubyzip (>= 1.2.2, < 3.0)
      websocket (~> 1.0)
    simplecov (0.21.2)
      docile (~> 1.1)
      simplecov-html (~> 0.11)
      simplecov_json_formatter (~> 0.1)
    simplecov-html (0.12.3)
    simplecov_json_formatter (0.1.3)
    socksify (1.7.1)
    spreadsheet (1.3.0)
      ruby-ole
    standard (1.6.0)
      rubocop (= 1.24.1)
      rubocop-performance (= 1.13.1)
    stringio (3.1.0)
    strscan (3.1.0)
    swissmedic-diff (0.2.8)
      nokogiri
      rubyXL (>= 3.3.1)
      rubyzip
      spreadsheet
    timeout (0.2.0)
    travis-lint (2.0.0)
      json
    typeprof (0.21.2)
      rbs (>= 1.8.1)
    tzinfo (2.0.6)
      concurrent-ruby (~> 1.0)
    unf (0.1.4)
      unf_ext
    unf_ext (0.0.8.2)
    unicode-display_width (2.1.0)
    vcr (6.0.0)
    wasabi (3.6.1)
      addressable
      httpi (~> 2.0)
      nokogiri (>= 1.4.2)
    watir (7.3.0)
      regexp_parser (>= 1.2, < 3)
      selenium-webdriver (~> 4.2)
    webmock (3.14.0)
      addressable (>= 2.8.0)
      crack (>= 0.3.2)
      hashdiff (>= 0.4.0, < 2.0.0)
    webrick (1.9.1)
    webrobots (0.1.2)
    websocket (1.2.10)
    ydbd-pg (0.5.9)
      pg
      ydbi (= 0.5.9)
    ydbi (0.5.9)
      deprecated (= 2.0.1)
    ydiffy (0.0.5)
    ydocx (1.2.6)
    yml_reader (0.7)
    yus (1.0.6)
      deprecated (= 2.0.1)
      highline
      needle
      odba (>= 1.1.6)
      rclconf

PLATFORMS
  ruby

DEPENDENCIES
  activesupport
  bigdecimal
  builder
  clogger
  cmath
  dbi!
  debug
  deprecated
  diff-lcs
  flexmock
  flickraw
  gruff (= 0.8)
  hpricot
  htmlentities
  htmlgrid
  httpi
  i18n
  json
  mail
  mechanize
  mime-types
  minitar
  minitest
  minitest-should_syntax
  minitest-spec-expect
  money
  multi_json
  needle
  net-http-digest_auth
  net-http-persistent
  net-imap
  net-pop
  net-smtp
  nokogiri
  odba
  oddb2tdat
  optimist
  ox
  page-object
  parslet
  paypal
  pg
  racc
  rack
  rack-test
  rackup
  rake
  rbs
  rclconf
  rmagick (= 4.2.4)
  rspec
  rspec-core
  rss
  ruby-units
  rubyXL
  rubyntlm
  rubyzip
  savon
  sax-machine
  sbsm
  simplecov
  spreadsheet
  standard
  swissmedic-diff
  travis-lint
  typeprof
  vcr
  watir
  webmock
  webrick
  webrobots
  ydbd-pg
  ydiffy
  ydocx
  yus

BUNDLED WITH
   2.2.4
