GIT
  remote: https://github.com/ngiger/ruby-dbi
  revision: ce41c14531235005dfcb671895b4f26b74b1ca4d
  specs:
    dbi (0.4.6)
      deprecated (= 2.0.1)

GEM
  remote: https://rubygems.org/
  specs:
    activesupport (4.1.16)
      i18n (~> 0.6, >= 0.6.9)
      json (~> 1.7, >= 1.7.7)
      minitest (~> 5.1)
      thread_safe (~> 0.1)
      tzinfo (~> 1.1)
    addressable (2.5.1)
      public_suffix (~> 2.0, >= 2.0.2)
    akami (1.3.1)
      gyoku (>= 0.4.0)
      nokogiri
    archive-zip (0.7.0)
      io-like (~> 0.3.0)
    bigdecimal (1.3.2)
    blankslate (3.1.3)
    builder (3.2.3)
    byebug (9.0.6)
    childprocess (0.8.0)
      ffi (~> 1.0, >= 1.0.11)
    chromedriver-helper (1.1.0)
      archive-zip (~> 0.7.0)
      nokogiri (~> 1.6)
    chrono_logger (1.1.1)
    clogger (2.2.0)
      rack (>= 1.0, < 3.0)
    coderay (1.1.1)
    color (1.8)
    crack (0.4.3)
      safe_yaml (~> 1.0.0)
    data_magic (1.2)
      faker (>= 1.1.2)
      yml_reader (>= 0.6)
    deprecated (2.0.1)
    diff-lcs (1.3)
    docile (1.1.5)
    domain_name (0.5.20170404)
      unf (>= 0.0.5, < 1.0.0)
    facets (1.8.54)
    faker (1.8.4)
      i18n (~> 0.5)
    ffi (1.9.25)
    flexmock (2.3.5)
    flickraw (0.9.8)
    gruff (0.5.1)
      rmagick
    gyoku (1.3.1)
      builder (>= 2.1.2)
    hashdiff (0.3.4)
    hpricot (0.8.6)
    htmlentities (4.3.4)
    htmlgrid (1.1.4)
      sbsm (>= 1.2.7)
    http-cookie (1.0.3)
      domain_name (~> 0.5)
    httpi (2.4.2)
      rack
      socksify
    i18n (0.6.9)
    io-like (0.3.0)
    json (1.8.6)
    mail (2.7.0)
      mini_mime (>= 0.1.1)
    mathn (0.1.0)
    mechanize (2.7.5)
      domain_name (~> 0.5, >= 0.5.1)
      http-cookie (~> 1.0)
      mime-types (>= 1.17.2)
      net-http-digest_auth (~> 1.1, >= 1.1.1)
      net-http-persistent (~> 2.5, >= 2.5.2)
      nokogiri (~> 1.6)
      ntlm-http (~> 0.1, >= 0.1.1)
      webrobots (>= 0.0.9, < 0.2)
    method_source (0.8.2)
    mime-types (3.1)
      mime-types-data (~> 3.2015)
    mime-types-data (3.2016.0521)
    mimemagic (0.3.2)
    mini_mime (1.0.0)
    mini_portile2 (2.3.0)
    minitar (0.6.1)
    minitest (5.10.2)
    minitest-should_syntax (1.0.2)
      minitest
    minitest-spec-expect (2.0.0)
      minitest (~> 5.0)
    money (3.7.1)
      i18n (~> 0.4)
    multi_json (1.0.4)
    needle (1.3.0)
    net-http-digest_auth (1.4.1)
    net-http-persistent (2.9.4)
    nokogiri (1.8.5)
      mini_portile2 (~> 2.3.0)
    nori (2.6.0)
    ntlm-http (0.1.1)
    odba (1.1.5)
      ydbd-pg (>= 0.5.1)
      ydbi (>= 0.5.1)
    oddb2tdat (1.1.2)
    optimist (3.0.0)
    ox (2.8.2)
    page-object (2.2.4)
      page_navigation (>= 0.10)
      selenium-webdriver (~> 3.0)
      watir (~> 6.8)
    page_navigation (0.10)
      data_magic (>= 0.22)
    parslet (1.7.0)
      blankslate (>= 2.0, <= 4.0)
    paypal (2.0.0)
      money (> 0.0.0)
    pg (0.12.0)
      rake-compiler (~> 0.7)
    pry (0.10.4)
      coderay (~> 1.1.0)
      method_source (~> 0.8.1)
      slop (~> 3.4)
    pry-byebug (3.4.2)
      byebug (~> 9.0)
      pry (~> 0.10)
    public_suffix (2.0.5)
    racc (1.4.14)
    rack (2.0.7)
    rack-test (0.6.3)
      rack (>= 1.0)
    rake (12.3.0)
    rake-compiler (0.9.9)
      rake
    rclconf (1.0.0)
    rmagick (2.13.4)
    rrba (1.0.0)
    rspec (3.6.0)
      rspec-core (~> 3.6.0)
      rspec-expectations (~> 3.6.0)
      rspec-mocks (~> 3.6.0)
    rspec-core (3.6.0)
      rspec-support (~> 3.6.0)
    rspec-expectations (3.6.0)
      diff-lcs (>= 1.2.0, < 2.0)
      rspec-support (~> 3.6.0)
    rspec-mocks (3.6.0)
      diff-lcs (>= 1.2.0, < 2.0)
      rspec-support (~> 3.6.0)
    rspec-support (3.6.0)
    ruby-ole (1.2.12.1)
    ruby-units (2.1.0)
    rubyXL (3.3.30)
      nokogiri (>= 1.4.4)
      rubyzip (>= 1.1.6)
    rubyntlm (0.5.1)
    rubyzip (1.2.2)
    safe_yaml (1.0.4)
    savon (2.11.1)
      akami (~> 1.2)
      builder (>= 2.1.2)
      gyoku (~> 1.2)
      httpi (~> 2.3)
      nokogiri (>= 1.4.0)
      nori (~> 2.4)
      wasabi (~> 3.4)
    sax-machine (1.3.2)
    sbsm (1.5.9)
      chrono_logger
      hpricot
      mail
      mimemagic
      rack
    selenium-webdriver (3.9.0)
      childprocess (~> 0.5)
      rubyzip (~> 1.2)
    simplecov (0.15.1)
      docile (~> 1.1.0)
      json (>= 1.8, < 3)
      simplecov-html (~> 0.10.0)
    simplecov-html (0.10.2)
    slop (3.6.0)
    socksify (1.7.1)
    spreadsheet (0.9.7)
      ruby-ole (>= 1.0)
    swissmedic-diff (0.2.7)
      nokogiri
      rubyXL (>= 3.3.1)
      rubyzip
      spreadsheet
    syck (1.3.0)
    thread_safe (0.3.6)
    transaction-simple (1.4.0.2)
    travis-lint (2.0.0)
      json
    tzinfo (1.2.4)
      thread_safe (~> 0.1)
    unf (0.1.4)
      unf_ext
    unf_ext (0.0.7.4)
    vcr (3.0.3)
    wasabi (3.5.0)
      httpi (~> 2.0)
      nokogiri (>= 1.4.2)
    watir (6.10.3)
      selenium-webdriver (~> 3.4, >= 3.4.1)
    watir-scroll (0.4.0)
      watir (>= 6.0)
    watir-webdriver (0.9.9)
      selenium-webdriver (>= 2.46.2)
    webmock (3.0.1)
      addressable (>= 2.3.6)
      crack (>= 0.3.2)
      hashdiff
    webrobots (0.1.1)
    ydbd-pg (0.5.4)
      pg
      ydbi (= 0.5.4)
    ydbi (0.5.4)
      deprecated (= 2.0.1)
    ydiffy (0.0.2)
    ydim (1.0.5)
      deprecated (= 2.0.1)
      hpricot
      mail
      needle
      odba (>= 1.1.2)
      rclconf
      rrba
      syck
      ydbd-pg (>= 0.5.1)
      ydbi (>= 0.5.1)
      ypdf-writer
    ydocx (1.2.5)
    yml_reader (0.7)
    ypdf-writer (1.3.3)
      color (>= 1.4.0)
      transaction-simple (~> 1.3)
    yus (1.0.2)

PLATFORMS
  ruby

DEPENDENCIES
  activesupport (~> 4.1.11)
  bigdecimal
  builder
  chromedriver-helper
  clogger
  dbi!
  deprecated (= 2.0.1)
  diff-lcs
  facets (= 1.8.54)
  flexmock
  flickraw (= 0.9.8)
  gruff (= 0.5.1)
  hpricot (= 0.8.6)
  htmlentities
  htmlgrid (>= 1.1.4)
  httpi (= 2.4.2)
  i18n (= 0.6.9)
  json
  mail (= 2.7.0)
  mathn
  mechanize
  mime-types
  minitar
  minitest
  minitest-should_syntax
  minitest-spec-expect
  money (= 3.7.1)
  multi_json (= 1.0.4)
  needle (= 1.3.0)
  net-http-digest_auth
  net-http-persistent
  nokogiri
  odba (>= 1.1.5)
  oddb2tdat (= 1.1.2)
  optimist
  ox (= 2.8.2)
  page-object
  parslet (= 1.7.0)
  paypal (= 2.0.0)
  pg (= 0.12.0)
  pry-byebug
  racc
  rack-test
  rake
  rclconf (= 1.0.0)
  rmagick (= 2.13.4)
  rspec
  rspec-core
  ruby-units
  rubyXL (= 3.3.30)
  rubyntlm (= 0.5.1)
  rubyzip (>= 1.1.6)
  savon (~> 2.11.1)
  sax-machine
  sbsm (>= 1.5.9)
  simplecov
  spreadsheet (= 0.9.7)
  swissmedic-diff (= 0.2.7)
  syck
  travis-lint
  vcr
  watir
  watir-scroll
  watir-webdriver
  webmock
  webrobots (= 0.1.1)
  ydbd-pg (= 0.5.4)
  ydiffy
  ydim
  ydocx (= 1.2.5)
  yus

BUNDLED WITH
   1.17.1
